GEM
  remote: https://rubygems.org/
  specs:
    discourse_api (2.0.1)
      faraday (~> 2.7)
      faraday-follow_redirects
      faraday-multipart
      rack (>= 1.6)
    faraday (2.9.0)
      faraday-net_http (>= 2.0, < 3.2)
    faraday-follow_redirects (0.3.0)
      faraday (>= 1, < 3)
    faraday-multipart (1.0.4)
      multipart-post (~> 2)
    faraday-net_http (3.1.0)
      net-http
    multipart-post (2.4.0)
    net-http (0.4.1)
      uri
    rack (3.0.9.1)
    uri (0.13.0)

PLATFORMS
  arm64-darwin-23
  ruby

DEPENDENCIES
  discourse_api

BUNDLED WITH
   2.5.3
